PATH
  remote: .
  specs:
    carvoyant-api-rails (0.0.1)
      activeresource
      ruby-units

GEM
  remote: https://rubygems.org/
  specs:
    activemodel (4.2.1)
      activesupport (= 4.2.1)
      builder (~> 3.1)
    activeresource (4.0.0)
      activemodel (~> 4.0)
      activesupport (~> 4.0)
      rails-observers (~> 0.1.1)
    activesupport (4.2.1)
      i18n (~> 0.7)
      json (~> 1.7, >= 1.7.7)
      minitest (~> 5.1)
      thread_safe (~> 0.3, >= 0.3.4)
      tzinfo (~> 1.1)
    builder (3.2.2)
    byebug (3.4.0)
      columnize (~> 0.8)
      debugger-linecache (~> 1.2)
      slop (~> 3.6)
    columnize (0.8.9)
    debugger-linecache (1.2.0)
    fakeweb (1.3.0)
    i18n (0.7.0)
    json (1.8.2)
    metaclass (0.0.4)
    minitest (5.6.0)
    mocha (1.1.0)
      metaclass (~> 0.0.1)
    rails-observers (0.1.2)
      activemodel (~> 4.0)
    rake (10.4.2)
    ruby-units (1.4.5)
    slop (3.6.0)
    thread_safe (0.3.5)
    timecop (0.7.1)
    tzinfo (1.2.2)
      thread_safe (~> 0.1)

PLATFORMS
  ruby

DEPENDENCIES
  bundler (~> 1.6)
  byebug
  carvoyant-api-rails!
  fakeweb
  minitest
  mocha (>= 0.9.8)
  rake
  timecop
